GEM
  remote: https://rubygems.org/
  specs:
    nokogiri (1.13.4-x86_64-linux)
      racc (~> 1.4)
    racc (1.6.0)
    require_all (3.0.0)

PLATFORMS
  x86_64-linux

DEPENDENCIES
  nokogiri
  require_all

BUNDLED WITH
   2.2.31
